GEM
  remote: https://rubygems.org/
  specs:
    aws-sdk (2.8.1)
      aws-sdk-resources (= 2.8.1)
    aws-sdk-core (2.8.1)
      aws-sigv4 (~> 1.0)
      jmespath (~> 1.0)
    aws-sdk-resources (2.8.1)
      aws-sdk-core (= 2.8.1)
    aws-sigv4 (1.0.0)
    dotenv (2.2.0)
    jmespath (1.3.1)
    mime-types (3.1)
      mime-types-data (~> 3.2015)
    mime-types-data (3.2016.0521)
    rake (12.0.0)

PLATFORMS
  ruby

DEPENDENCIES
  aws-sdk (~> 2)
  dotenv
  mime-types
  rake

BUNDLED WITH
   1.14.2
